GEM
  remote: https://rubygems.org/
  specs:
    activemodel (4.0.0)
      activesupport (= 4.0.0)
      builder (~> 3.1.0)
    activerecord (4.0.0)
      activemodel (= 4.0.0)
      activerecord-deprecated_finders (~> 1.0.2)
      activesupport (= 4.0.0)
      arel (~> 4.0.0)
    activerecord-deprecated_finders (1.0.3)
    activesupport (4.0.0)
      i18n (~> 0.6, >= 0.6.4)
      minitest (~> 4.2)
      multi_json (~> 1.3)
      thread_safe (~> 0.1)
      tzinfo (~> 0.3.37)
    arel (4.0.0)
    atomic (1.1.13)
    builder (3.1.4)
    i18n (0.6.5)
    kgio (2.8.0)
    minitest (4.7.5)
    multi_json (1.7.9)
    mutations (0.6.0)
      activesupport
    pg (0.16.0)
    protected_attributes (1.0.3)
      activemodel (>= 4.0.0, < 5.0)
    rack (1.5.2)
    rack-protection (1.5.0)
      rack
    raindrops (0.11.0)
    restpack_activity_service (0.0.8)
      pg (~> 0.16)
      restpack_gem (~> 0.0.9)
      restpack_serializer (~> 0.4.1)
      restpack_service (~> 0.0.27)
      sinatra (~> 1.4.3)
    restpack_gem (0.0.12)
    restpack_serializer (0.4.2)
      activerecord (~> 4.0)
      activesupport (~> 4.0)
      protected_attributes (~> 1.0.3)
      restpack_gem (~> 0.0.9)
      will_paginate (~> 3.0)
    restpack_service (0.0.28)
      mutations (~> 0.6.0)
      protected_attributes (~> 1.0.3)
      restpack_gem (~> 0.0.8)
      yajl-ruby (~> 1.1.0)
    sinatra (1.4.3)
      rack (~> 1.4)
      rack-protection (~> 1.4)
      tilt (~> 1.3, >= 1.3.4)
    thread_safe (0.1.2)
      atomic
    tilt (1.4.1)
    tzinfo (0.3.37)
    unicorn (4.6.3)
      kgio (~> 2.6)
      rack
      raindrops (~> 0.7)
    will_paginate (3.0.4)
    yajl-ruby (1.1.0)

PLATFORMS
  ruby

DEPENDENCIES
  restpack_activity_service
  sinatra
  unicorn (~> 4.6.2)
