PATH
  remote: ../restpack_account_service
  specs:
    restpack_account_service (0.0.2)
      pg (~> 0.16.0)
      require_all (~> 1.3.0)
      restpack_gem
      restpack_serializer
      restpack_service
      sinatra (~> 1.4.3)

PATH
  remote: ../restpack_activity_service
  specs:
    restpack_activity_service (0.0.10)
      pg (~> 0.16)
      restpack_gem
      restpack_serializer
      restpack_service
      sinatra (~> 1.4.3)

PATH
  remote: ../restpack_core_service
  specs:
    restpack_core_service (0.0.11)
      pg (~> 0.16)
      public_suffix (~> 1.3.1)
      restpack_gem
      restpack_serializer
      restpack_service
      sinatra (~> 1.4.3)

PATH
  remote: ../restpack_group_service
  specs:
    restpack_group_service (0.0.4)
      pg (~> 0.16.0)
      require_all (~> 1.3.0)
      restpack_gem
      restpack_serializer
      restpack_service
      sinatra (~> 1.4.3)

PATH
  remote: ../restpack_user_service
  specs:
    restpack_user_service (0.0.3)
      pg (~> 0.16)
      require_all (~> 1.3.0)
      restpack_gem
      restpack_serializer
      restpack_service
      sinatra (~> 1.4.3)

GEM
  remote: https://rubygems.org/
  specs:
    activemodel (4.0.0)
      activesupport (= 4.0.0)
      builder (~> 3.1.0)
    activerecord (4.0.0)
      activemodel (= 4.0.0)
      activerecord-deprecated_finders (~> 1.0.2)
      activesupport (= 4.0.0)
      arel (~> 4.0.0)
    activerecord-deprecated_finders (1.0.3)
    activesupport (4.0.0)
      i18n (~> 0.6, >= 0.6.4)
      minitest (~> 4.2)
      multi_json (~> 1.3)
      thread_safe (~> 0.1)
      tzinfo (~> 0.3.37)
    arel (4.0.0)
    atomic (1.1.14)
    builder (3.1.4)
    i18n (0.6.5)
    kgio (2.8.1)
    minitest (4.7.5)
    multi_json (1.8.0)
    mutations (0.6.0)
      activesupport
    pg (0.16.0)
    protected_attributes (1.0.3)
      activemodel (>= 4.0.0, < 5.0)
    public_suffix (1.3.1)
    rack (1.5.2)
    rack-protection (1.5.0)
      rack
    raindrops (0.12.0)
    require_all (1.3.0)
    restpack_gem (0.0.12)
    restpack_serializer (0.4.4)
      activerecord (~> 4.0)
      activesupport (~> 4.0)
      protected_attributes (~> 1.0.3)
      restpack_gem (~> 0.0.9)
      will_paginate (~> 3.0)
    restpack_service (0.0.36)
      mutations (~> 0.6.0)
      protected_attributes (~> 1.0.3)
      restpack_gem (~> 0.0.8)
      yajl-ruby (~> 1.1.0)
    sinatra (1.4.3)
      rack (~> 1.4)
      rack-protection (~> 1.4)
      tilt (~> 1.3, >= 1.3.4)
    thread_safe (0.1.3)
      atomic
    tilt (1.4.1)
    tzinfo (0.3.37)
    unicorn (4.6.3)
      kgio (~> 2.6)
      rack
      raindrops (~> 0.7)
    will_paginate (3.0.4)
    yajl-ruby (1.1.0)

PLATFORMS
  ruby

DEPENDENCIES
  restpack_account_service!
  restpack_activity_service!
  restpack_core_service!
  restpack_group_service!
  restpack_user_service!
  sinatra
  unicorn (~> 4.6.2)
