PATH
  remote: ../restpack_account_service
  specs:
    restpack_account_service (0.0.4)
      restpack_service

PATH
  remote: ../restpack_activity_service
  specs:
    restpack_activity_service (0.0.12)
      restpack_service

PATH
  remote: ../restpack_core_service
  specs:
    restpack_core_service (0.0.11)
      public_suffix (~> 1.3.1)
      restpack_service

PATH
  remote: ../restpack_email_service
  specs:
    restpack_email_service (0.0.1)
      liquid
      mail
      restpack_service

PATH
  remote: ../restpack_group_service
  specs:
    restpack_group_service (0.0.7)
      restpack_service
      restpack_service_messaging

PATH
  remote: ../restpack_user_service
  specs:
    restpack_user_service (0.0.4)
      restpack_service

GEM
  remote: https://rubygems.org/
  specs:
    activemodel (4.0.0)
      activesupport (= 4.0.0)
      builder (~> 3.1.0)
    activerecord (4.0.0)
      activemodel (= 4.0.0)
      activerecord-deprecated_finders (~> 1.0.2)
      activesupport (= 4.0.0)
      arel (~> 4.0.0)
    activerecord-deprecated_finders (1.0.3)
    activesupport (4.0.0)
      i18n (~> 0.6, >= 0.6.4)
      minitest (~> 4.2)
      multi_json (~> 1.3)
      thread_safe (~> 0.1)
      tzinfo (~> 0.3.37)
    arel (4.0.1)
    atomic (1.1.14)
    builder (3.1.4)
    celluloid (0.15.2)
      timers (~> 1.1.0)
    connection_pool (1.1.0)
    i18n (0.6.5)
    json (1.8.1)
    kgio (2.8.1)
    liquid (2.5.3)
    mail (2.5.4)
      mime-types (~> 1.16)
      treetop (~> 1.4.8)
    mime-types (1.25)
    minitest (4.7.5)
    multi_json (1.8.2)
    mutations (0.6.0)
      activesupport
    pg (0.16.0)
    polyglot (0.3.3)
    protected_attributes (1.0.3)
      activemodel (>= 4.0.0, < 5.0)
    public_suffix (1.3.1)
    rack (1.5.2)
    rack-protection (1.5.1)
      rack
    raindrops (0.12.0)
    redis (3.0.5)
    redis-namespace (1.3.1)
      redis (~> 3.0.0)
    require_all (1.3.1)
    restpack_gem (0.0.12)
    restpack_serializer (0.4.6)
      activerecord (~> 4.0)
      activesupport (~> 4.0)
      protected_attributes (~> 1.0.3)
      restpack_gem (~> 0.0.9)
      will_paginate (~> 3.0)
    restpack_service (0.0.52)
      mutations (~> 0.6.0)
      pg (~> 0.16.0)
      protected_attributes (~> 1.0.3)
      require_all (~> 1.3.0)
      restpack_gem
      restpack_serializer
      sidekiq (~> 2.15.1)
      sinatra (~> 1.4.3)
      yajl-ruby (~> 1.1.0)
    restpack_service_messaging (0.0.2)
      mutations (~> 0.6.0)
      require_all (~> 1.3.0)
      restpack_gem
      restpack_service
      rubykiq
    rubykiq (0.0.2)
      connection_pool (>= 1.0)
      multi_json (>= 1.0)
      redis (>= 3.0)
      redis-namespace (>= 1.0)
    sidekiq (2.15.2)
      celluloid (>= 0.15.2)
      connection_pool (>= 1.0.0)
      json
      redis (>= 3.0.4)
      redis-namespace (>= 1.3.1)
    sinatra (1.4.4)
      rack (~> 1.4)
      rack-protection (~> 1.4)
      tilt (~> 1.3, >= 1.3.4)
    thread_safe (0.1.3)
      atomic
    tilt (1.4.1)
    timers (1.1.0)
    treetop (1.4.15)
      polyglot
      polyglot (>= 0.3.1)
    tzinfo (0.3.38)
    unicorn (4.6.3)
      kgio (~> 2.6)
      rack
      raindrops (~> 0.7)
    will_paginate (3.0.5)
    yajl-ruby (1.1.0)

PLATFORMS
  ruby

DEPENDENCIES
  restpack_account_service!
  restpack_activity_service!
  restpack_core_service!
  restpack_email_service!
  restpack_group_service!
  restpack_user_service!
  sinatra
  unicorn (~> 4.6.2)
