GEM
  remote: https://rubygems.org/
  specs:
    activemodel (4.0.1)
      activesupport (= 4.0.1)
      builder (~> 3.1.0)
    activerecord (4.0.1)
      activemodel (= 4.0.1)
      activerecord-deprecated_finders (~> 1.0.2)
      activesupport (= 4.0.1)
      arel (~> 4.0.0)
    activerecord-deprecated_finders (1.0.3)
    activesupport (4.0.1)
      i18n (~> 0.6, >= 0.6.4)
      minitest (~> 4.2)
      multi_json (~> 1.3)
      thread_safe (~> 0.1)
      tzinfo (~> 0.3.37)
    arel (4.0.1)
    atomic (1.1.14)
    builder (3.1.4)
    celluloid (0.15.2)
      timers (~> 1.1.0)
    connection_pool (1.1.0)
    i18n (0.6.5)
    json (1.8.1)
    kgio (2.8.1)
    minitest (4.7.5)
    modularize (0.0.2)
    multi_json (1.8.2)
    mutations (0.6.0)
      activesupport
    pg (0.16.0)
    protected_attributes (1.0.5)
      activemodel (>= 4.0.1, < 5.0)
    public_suffix (1.3.2)
    rack (1.5.2)
    rack-protection (1.5.1)
      rack
    raindrops (0.12.0)
    redis (3.0.6)
    redis-namespace (1.3.2)
      redis (~> 3.0.4)
    require_all (1.3.2)
    restpack_activity_service (0.0.13)
      restpack_service
    restpack_core_service (0.0.13)
      public_suffix (~> 1.3.1)
      restpack_service
    restpack_gem (0.0.13)
    restpack_serializer (0.4.8)
      activerecord (~> 4.0)
      activesupport (~> 4.0)
      protected_attributes (~> 1.0.3)
      restpack_gem (~> 0.0.9)
      will_paginate (~> 3.0)
    restpack_service (0.0.62)
      modularize
      mutations (~> 0.6.0)
      pg (~> 0.16.0)
      protected_attributes (~> 1.0.3)
      require_all (~> 1.3.0)
      restpack_gem
      restpack_serializer
      sidekiq (~> 2.15.1)
      sinatra (~> 1.4.3)
      yajl-ruby (~> 1.1.0)
    sidekiq (2.15.2)
      celluloid (>= 0.15.2)
      connection_pool (>= 1.0.0)
      json
      redis (>= 3.0.4)
      redis-namespace (>= 1.3.1)
    sinatra (1.4.4)
      rack (~> 1.4)
      rack-protection (~> 1.4)
      tilt (~> 1.3, >= 1.3.4)
    thread_safe (0.1.3)
      atomic
    tilt (1.4.1)
    timers (1.1.0)
    tzinfo (0.3.38)
    unicorn (4.6.3)
      kgio (~> 2.6)
      rack
      raindrops (~> 0.7)
    will_paginate (3.0.5)
    yajl-ruby (1.1.0)

PLATFORMS
  ruby

DEPENDENCIES
  restpack_activity_service
  restpack_core_service
  sinatra
  unicorn (~> 4.6.2)
